GEM
  remote: https://rubygems.org/
  specs:
    private (1.0.0)
      sidekiq-pro (1.7.6)
    sidekiq-pro (1.7.6)

PLATFORMS
  ruby

DEPENDENCIES
  private (= 1.0.0)

BUNDLED WITH
   1.13.7
