GEM
  remote: https://rubygems.org/
  specs:
    json (1.0.0)
    nokogiri (1.5.4)
    ruby-gem-simple-vuln (0.1.0)
      nokogiri (= 1.5.4)

PLATFORMS
  ruby

DEPENDENCIES
  json (= 1.0.0)
  ruby-gem-simple-vuln

BUNDLED WITH
   1.13.7
